GEM
  remote: https://rubygems.org/
  specs:
    date (3.3.4)
    dotenv (3.1.1)
    json (2.7.2)
    net-http (0.4.1)
      uri
    time (0.3.0)
      date
    uri (0.13.0)

PLATFORMS
  arm64-darwin-22
  ruby

DEPENDENCIES
  dotenv
  json
  net-http
  time

BUNDLED WITH
   2.5.7
